GEM
  remote: https://rubygems.org/
  specs:
    addressable (2.5.2)
      public_suffix (>= 2.0.2, < 4.0)
    aescrypt (1.0.0)
    airbrussh (1.3.0)
      sshkit (>= 1.6.1, != 1.7.0)
    backports (2.8.2)
    bcrypt (3.1.11)
    bcrypt (3.1.11-x64-mingw32)
    capistrano (3.11.0)
      airbrussh (>= 1.0.0)
      i18n
      rake (>= 10.0.0)
      sshkit (>= 1.9.0)
    capistrano-bundler (1.3.0)
      capistrano (~> 3.1)
      sshkit (~> 1.2)
    capistrano-rvm (0.1.2)
      capistrano (~> 3.0)
      sshkit (~> 1.2)
    concurrent-ruby (1.0.5)
    daemons (1.2.6)
    dalli (2.7.8)
    em-websocket (0.3.8)
      addressable (>= 2.1.1)
      eventmachine (>= 0.12.9)
    eventmachine (1.2.7)
    eventmachine (1.2.7-x64-mingw32)
    i18n (1.0.1)
      concurrent-ruby (~> 1.0)
    json (2.0.4)
    multi_json (1.13.1)
    mustermann (1.0.2)
    net-scp (1.2.1)
      net-ssh (>= 2.6.5)
    net-ssh (5.0.2)
    pg (0.21.0)
    pg (0.21.0-x64-mingw32)
    public_suffix (3.0.2)
    puma (3.12.0)
    rack (2.0.1)
    rack-protection (2.0.2)
      rack
    rake (12.3.1)
    sass (3.4.22)
    sequel (5.0.0)
    sinatra (2.0.2)
      mustermann (~> 1.0)
      rack (~> 2.0)
      rack-protection (= 2.0.2)
      tilt (~> 2.0)
    sinatra-contrib (2.0.2)
      backports (~> 2.8.2)
      multi_json
      mustermann (~> 1.0)
      rack-protection (= 2.0.2)
      sinatra (= 2.0.2)
      tilt (>= 1.3, < 3)
    sinatra-websocket (0.3.1)
      em-websocket (~> 0.3.6)
      eventmachine
      thin (>= 1.3.1, < 2.0.0)
    sshkit (1.17.0)
      net-scp (>= 1.1.2)
      net-ssh (>= 2.8.0)
    thin (1.7.2)
      daemons (~> 1.0, >= 1.0.9)
      eventmachine (~> 1.0, >= 1.0.4)
      rack (>= 1, < 3)
    thread_safe (0.3.6)
    tilt (2.0.8)
    tzinfo (1.2.5)
      thread_safe (~> 0.1)
    wisper (2.0.0)

PLATFORMS
  ruby
  x64-mingw32

DEPENDENCIES
  aescrypt (= 1.0.0)
  bcrypt (= 3.1.11)
  capistrano
  capistrano-bundler
  capistrano-rvm
  dalli (= 2.7.8)
  json (= 2.0.4)
  pg (= 0.21.0)
  puma (= 3.12.0)
  rack (= 2.0.1)
  rake (= 12.3.1)
  sass (= 3.4.22)
  sequel (= 5.0.0)
  sinatra (= 2.0.2)
  sinatra-contrib (= 2.0.2)
  sinatra-websocket (= 0.3.1)
  thin (= 1.7.2)
  tzinfo (= 1.2.5)
  wisper (= 2.0.0)

BUNDLED WITH
   1.16.1
